GIT
  remote: git://github.com/bigcommerce/bigcommerce-api-ruby.git
  revision: 7caaa09b1778b3ed401e41141c34495f511f55ac
  specs:
    bigcommerce (0.9.0)
      activesupport
      json
      rest-client

GIT
  remote: git://github.com/resque/resque.git
  revision: e374e082441ceda0be1645efa4855a28bc00eabc
  specs:
    resque (2.0.0.pre.1)
      json
      mono_logger (~> 1.0)
      redis-namespace (>= 1.3.0)
      thor (~> 0.17)

GEM
  remote: https://rubygems.org/
  specs:
    activesupport (4.0.1)
      i18n (~> 0.6, >= 0.6.4)
      minitest (~> 4.2)
      multi_json (~> 1.3)
      thread_safe (~> 0.1)
      tzinfo (~> 0.3.37)
    atomic (1.1.14)
    i18n (0.6.5)
    json (1.8.1)
    mime-types (2.0)
    minitest (4.7.5)
    mono_logger (1.1.0)
    multi_json (1.8.2)
    redis (3.0.6)
    redis-namespace (1.3.2)
      redis (~> 3.0.4)
    rest-client (1.6.7)
      mime-types (>= 1.16)
    thor (0.18.1)
    thread_safe (0.1.3)
      atomic
    tzinfo (0.3.38)

PLATFORMS
  ruby

DEPENDENCIES
  bigcommerce!
  resque (~> 2.0.0.pre.1)!
