GIT
  remote: git://github.com/bigcommerce/bigcommerce-api-ruby.git
  revision: 7caaa09b1778b3ed401e41141c34495f511f55ac
  specs:
    bigcommerce (0.9.0)
      activesupport
      json
      rest-client

GIT
  remote: git://github.com/resque/resque.git
  revision: e374e082441ceda0be1645efa4855a28bc00eabc
  specs:
    resque (2.0.0.pre.1)
      json
      mono_logger (~> 1.0)
      redis-namespace (>= 1.3.0)
      thor (~> 0.17)

GEM
  remote: https://rubygems.org/
  specs:
    active_support (3.0.0)
      activesupport (= 3.0.0)
    activesupport (3.0.0)
    coderay (1.1.0)
    em-synchrony (1.0.3)
      eventmachine (>= 1.0.0.beta.1)
    eventmachine (1.0.3)
    hiredis (0.4.5)
    json (1.8.1)
    method_source (0.8.2)
    mime-types (2.0)
    mini_portile (0.5.2)
    mono_logger (1.1.0)
    nokogiri (1.6.0)
      mini_portile (~> 0.5.0)
    pry (0.9.12.3)
      coderay (~> 1.0)
      method_source (~> 0.8)
      slop (~> 3.4)
    redis (3.0.6)
    redis-namespace (1.3.2)
      redis (~> 3.0.4)
    rest-client (1.6.7)
      mime-types (>= 1.16)
    ruby-xslt (0.9.9)
    slop (3.4.6)
    thor (0.18.1)

PLATFORMS
  ruby

DEPENDENCIES
  active_support
  bigcommerce!
  em-synchrony
  hiredis (~> 0.4.5)
  nokogiri
  pry
  redis (~> 3.0.1)
  resque (~> 2.0.0.pre.1)!
  ruby-xslt (~> 0.9.9)
